GEM
  remote: https://rubygems.org/
  specs:
    RedCloth (4.2.3)
    actionmailer (2.3.11)
      actionpack (= 2.3.11)
    actionpack (2.3.11)
      activesupport (= 2.3.11)
      rack (~> 1.1.0)
    activerecord (2.3.11)
      activesupport (= 2.3.11)
    activeresource (2.3.11)
      activesupport (= 2.3.11)
    activesupport (2.3.11)
    columnize (0.3.2)
    fastercsv (1.5.4)
    inifile (2.0.2)
    json (1.8.0)
    pg (0.10.1)
    rack (1.1.6)
    rails (2.3.11)
      actionmailer (= 2.3.11)
      actionpack (= 2.3.11)
      activerecord (= 2.3.11)
      activeresource (= 2.3.11)
      activesupport (= 2.3.11)
      rake (>= 0.8.3)
    rake (0.8.7)
    xml-simple (1.1.4)

PLATFORMS
  ruby

DEPENDENCIES
  RedCloth (= 4.2.3)
  columnize (= 0.3.2)
  fastercsv (= 1.5.4)
  inifile (= 2.0.2)
  json (= 1.8.0)
  pg (= 0.10.1)
  rails (= 2.3.11)
  rake (= 0.8.7)
  xml-simple (~> 1.1.4)
