GEM
  remote: https://rubygems.org/
  specs:
    RedCloth (4.2.3)
    actionmailer (2.3.11)
      actionpack (= 2.3.11)
    actionpack (2.3.11)
      activesupport (= 2.3.11)
      rack (~> 1.1.0)
    activerecord (2.3.11)
      activesupport (= 2.3.11)
    activeresource (2.3.11)
      activesupport (= 2.3.11)
    activesupport (2.3.11)
    addressable (2.3.6)
    columnize (0.3.2)
    faraday (0.9.0)
      multipart-post (>= 1.2, < 3)
    fastercsv (1.5.4)
    iniparse (1.3.2)
    json (1.8.0)
    multipart-post (2.0.0)
    octokit (2.7.2)
      sawyer (~> 0.5.2)
    pg (0.10.1)
    rack (1.1.6)
    rails (2.3.11)
      actionmailer (= 2.3.11)
      actionpack (= 2.3.11)
      activerecord (= 2.3.11)
      activeresource (= 2.3.11)
      activesupport (= 2.3.11)
      rake (>= 0.8.3)
    rake (0.8.7)
    sawyer (0.5.5)
      addressable (~> 2.3.5)
      faraday (~> 0.8, < 0.10)
    xml-simple (1.1.4)

PLATFORMS
  ruby

DEPENDENCIES
  RedCloth (= 4.2.3)
  columnize (= 0.3.2)
  fastercsv (= 1.5.4)
  iniparse (= 1.3.2)
  json (= 1.8.0)
  octokit (= 2.7.2)
  pg (= 0.10.1)
  rails (= 2.3.11)
  rake (= 0.8.7)
  xml-simple (~> 1.1.4)
